{
"InstitutionName": "WTCN University College London",
"InstitutionAddress": "12 Queen’s Square, London, WC1B 5JS ",
"Manufacturer": "CTF",
"ManufacturersModelName": "CTF-275",
"DeviceSerialNumber": "11035",
"SoftwareVersions": "Acq 5.4.2-linux-20070507",
"PowerLineFrequency": 50,
"SamplingFrequency": 2400,
"MEGChannelCount": 270,
"MEGREFChannelCount": 29,
"EEGChannelCount": 0,
"EOGChannelCount": 0,
"ECGChannelCount": 0,
"EMGChannelCount": 0,
"DewarPosition": "upright",
"SoftwareFilters": {
"SpatialCompensation": {"GradientOrder": "3rd"}
},
"RecordingDuration": 379,
"RecordingType": "continuous",
"EpochLength": 0,
"TaskName": "mouse",
"ContinuousHeadLocalization": true,
"HeadCoilFrequency": [1470,1530,1590],
"DigitizedLandmarks": false,
"DigitizedHeadPoints": false
}
